PATH
  remote: ../csvbuilder-dynamic-columns
  specs:
    csvbuilder-dynamic-columns (0.1.0)
      activesupport (>= 5.2, < 8)
      csvbuilder-core
      csvbuilder-exporter
      csvbuilder-importer

PATH
  remote: .
  specs:
    csvbuilder-collection (0.1.1)
      csvbuilder-core (~> 0.1)
      csvbuilder-dynamic-columns (~> 0.1)
      csvbuilder-exporter (~> 0.1)
      csvbuilder-importer (~> 0.1)

GEM
  remote: https://rubygems.org/
  specs:
    activemodel (7.0.4)
      activesupport (= 7.0.4)
    activerecord (7.0.4)
      activemodel (= 7.0.4)
      activesupport (= 7.0.4)
    activesupport (7.0.4)
      concurrent-ruby (~> 1.0, >= 1.0.2)
      i18n (>= 1.6, < 2)
      minitest (>= 5.1)
      tzinfo (~> 2.0)
    ast (2.4.2)
    concurrent-ruby (1.1.10)
    csvbuilder-core (0.1.2)
      activesupport (>= 5.2, < 8)
    csvbuilder-exporter (0.1.0)
      activemodel (>= 5.2, < 8)
      activesupport (>= 5.2, < 8)
      csvbuilder-core
    csvbuilder-importer (0.1.3)
      activemodel (>= 5.2, < 8)
      activesupport (>= 5.2, < 8)
      csvbuilder-core
    diff-lcs (1.5.0)
    i18n (1.12.0)
      concurrent-ruby (~> 1.0)
    json (2.6.3)
    minitest (5.16.3)
    parallel (1.22.1)
    parser (3.1.3.0)
      ast (~> 2.4.1)
    rainbow (3.1.1)
    rake (13.0.6)
    regexp_parser (2.6.1)
    rexml (3.2.5)
    rspec (3.12.0)
      rspec-core (~> 3.12.0)
      rspec-expectations (~> 3.12.0)
      rspec-mocks (~> 3.12.0)
    rspec-core (3.12.0)
      rspec-support (~> 3.12.0)
    rspec-expectations (3.12.1)
      diff-lcs (>= 1.2.0, < 2.0)
      rspec-support (~> 3.12.0)
    rspec-mocks (3.12.1)
      diff-lcs (>= 1.2.0, < 2.0)
      rspec-support (~> 3.12.0)
    rspec-support (3.12.0)
    rubocop (1.41.0)
      json (~> 2.3)
      parallel (~> 1.10)
      parser (>= 3.1.2.1)
      rainbow (>= 2.2.2, < 4.0)
      regexp_parser (>= 1.8, < 3.0)
      rexml (>= 3.2.5, < 4.0)
      rubocop-ast (>= 1.23.0, < 2.0)
      ruby-progressbar (~> 1.7)
      unicode-display_width (>= 1.4.0, < 3.0)
    rubocop-ast (1.24.0)
      parser (>= 3.1.1.0)
    rubocop-performance (1.15.1)
      rubocop (>= 1.7.0, < 2.0)
      rubocop-ast (>= 0.4.0)
    rubocop-rake (0.6.0)
      rubocop (~> 1.0)
    rubocop-rspec (2.16.0)
      rubocop (~> 1.33)
    ruby-progressbar (1.11.0)
    sqlite3 (1.5.4-x86_64-darwin)
    tzinfo (2.0.5)
      concurrent-ruby (~> 1.0)
    unicode-display_width (2.3.0)

PLATFORMS
  x86_64-darwin-21

DEPENDENCIES
  activerecord (>= 5.2, < 8)
  csvbuilder-collection!
  csvbuilder-dynamic-columns!
  rake
  rspec
  rubocop
  rubocop-performance
  rubocop-rake
  rubocop-rspec
  sqlite3 (~> 1.5)

BUNDLED WITH
   2.3.22
