PATH
  remote: .
  specs:
    csvbuilder-collection (0.1.2)
      csvbuilder-core (~> 0.1)
      csvbuilder-dynamic-columns-core (~> 0.1)
      csvbuilder-dynamic-columns-exporter (~> 0.1)
      csvbuilder-dynamic-columns-importer (~> 0.1)
      csvbuilder-exporter (~> 0.1)
      csvbuilder-importer (~> 0.1)

GEM
  remote: https://rubygems.org/
  specs:
    activemodel (6.1.7.2)
      activesupport (= 6.1.7.2)
    activerecord (6.1.7.2)
      activemodel (= 6.1.7.2)
      activesupport (= 6.1.7.2)
    activesupport (6.1.7.2)
      concurrent-ruby (~> 1.0, >= 1.0.2)
      i18n (>= 1.6, < 2)
      minitest (>= 5.1)
      tzinfo (~> 2.0)
      zeitwerk (~> 2.3)
    ast (2.4.2)
    concurrent-ruby (1.2.2)
    csvbuilder-core (0.1.3)
      activesupport (>= 5.2, < 8)
    csvbuilder-dynamic-columns-core (0.1.1)
      activesupport (>= 5.2, < 8)
      csvbuilder-core
    csvbuilder-dynamic-columns-exporter (0.1.1)
      activesupport (>= 5.2, < 8)
      csvbuilder-core (~> 0.1)
      csvbuilder-dynamic-columns-core (~> 0.1)
      csvbuilder-exporter (~> 0.1)
    csvbuilder-dynamic-columns-importer (0.1.1)
      activesupport (>= 5.2, < 8)
      csvbuilder-core (~> 0.1)
      csvbuilder-dynamic-columns-core (~> 0.1)
      csvbuilder-importer (~> 0.1)
    csvbuilder-exporter (0.1.0)
      activemodel (>= 5.2, < 8)
      activesupport (>= 5.2, < 8)
      csvbuilder-core
    csvbuilder-importer (0.1.3)
      activemodel (>= 5.2, < 8)
      activesupport (>= 5.2, < 8)
      csvbuilder-core
    diff-lcs (1.5.0)
    i18n (1.12.0)
      concurrent-ruby (~> 1.0)
    json (2.6.3)
    mini_portile2 (2.8.1)
    minitest (5.18.0)
    parallel (1.22.1)
    parser (3.2.1.1)
      ast (~> 2.4.1)
    rainbow (3.1.1)
    rake (13.0.6)
    regexp_parser (2.7.0)
    rexml (3.2.5)
    rspec (3.12.0)
      rspec-core (~> 3.12.0)
      rspec-expectations (~> 3.12.0)
      rspec-mocks (~> 3.12.0)
    rspec-core (3.12.1)
      rspec-support (~> 3.12.0)
    rspec-expectations (3.12.2)
      diff-lcs (>= 1.2.0, < 2.0)
      rspec-support (~> 3.12.0)
    rspec-mocks (3.12.1)
      diff-lcs (>= 1.2.0, < 2.0)
      rspec-support (~> 3.12.0)
    rspec-support (3.12.0)
    rubocop (1.48.1)
      json (~> 2.3)
      parallel (~> 1.10)
      parser (>= 3.2.0.0)
      rainbow (>= 2.2.2, < 4.0)
      regexp_parser (>= 1.8, < 3.0)
      rexml (>= 3.2.5, < 4.0)
      rubocop-ast (>= 1.26.0, < 2.0)
      ruby-progressbar (~> 1.7)
      unicode-display_width (>= 2.4.0, < 3.0)
    rubocop-ast (1.27.0)
      parser (>= 3.2.1.0)
    rubocop-performance (1.16.0)
      rubocop (>= 1.7.0, < 2.0)
      rubocop-ast (>= 0.4.0)
    rubocop-rake (0.6.0)
      rubocop (~> 1.0)
    rubocop-rspec (2.16.0)
      rubocop (~> 1.33)
    ruby-progressbar (1.13.0)
    sqlite3 (1.6.1)
      mini_portile2 (~> 2.8.0)
    tzinfo (2.0.6)
      concurrent-ruby (~> 1.0)
    unicode-display_width (2.4.2)
    zeitwerk (2.6.7)

PLATFORMS
  x86_64-darwin-21
  x86_64-linux

DEPENDENCIES
  activerecord (>= 5.2, < 8)
  csvbuilder-collection!
  rake
  rspec
  rubocop
  rubocop-performance
  rubocop-rake
  rubocop-rspec
  sqlite3 (~> 1.5)

BUNDLED WITH
   2.3.22
